GEM
  remote: https://rubygems.org/
  specs:
    base64 (0.1.1)
    bigdecimal (3.1.3)
    csv (3.3.0)
    date (3.3.3)
    digest (3.1.1)
    email_address (0.2.4)
      simpleidn
    mail (2.8.1)
      mini_mime (>= 0.1.1)
      net-imap
      net-pop
      net-smtp
    mini_mime (1.1.5)
    mustermann (3.0.0)
      ruby2_keywords (~> 0.0.1)
    net-imap (0.3.4.1)
      date
      net-protocol
    net-pop (0.1.2)
      net-protocol
    net-protocol (0.2.1)
      timeout
    net-smtp (0.3.4)
      net-protocol
    rack (3.1.7)
    rack-protection (4.0.0)
      base64 (>= 0.1.0)
      rack (>= 3.0.0, < 4)
    rack-session (2.0.0)
      rack (>= 3.0.0)
    rackup (2.1.0)
      rack (>= 3)
      webrick (~> 1.8)
    ruby2_keywords (0.0.5)
    sequel (5.82.0)
      bigdecimal
    simpleidn (0.2.3)
    sinatra (4.0.0)
      mustermann (~> 3.0)
      rack (>= 3.0.0, < 4)
      rack-protection (= 4.0.0)
      rack-session (>= 2.0.0, < 3)
      tilt (~> 2.0)
    sqlite3 (2.0.2-x86_64-linux-gnu)
    tilt (2.4.0)
    timeout (0.3.1)
    webrick (1.8.1)

PLATFORMS
  x86_64-linux

DEPENDENCIES
  csv
  digest
  email_address
  mail
  rackup
  sequel
  sinatra
  sqlite3

RUBY VERSION
   ruby 3.2.4p170

BUNDLED WITH
   2.4.19
